REDIRECTS: ON
FRAMEWORK: NET45
NUGET
  remote: https://www.nuget.org/api/v2
    Akka (1.1.3)
      Newtonsoft.Json (>= 9.0.1)
      System.Collections.Immutable (>= 1.1.36)
    FSharp.Core (4.0.0.1)
    FsUnit.xUnit (1.4.1)
      FSharp.Core (>= 3.1.2.5)
      xunit (2.1)
    Newtonsoft.Json (9.0.1)
    Serilog (2.4)
    Serilog.Sinks.ColoredConsole (2.0)
      Serilog (>= 2.0)
    System.Collections.Immutable (1.3.1)
    xunit (2.1)
      xunit.assert (2.1)
      xunit.core (2.1)
    xunit.abstractions (2.0)
    xunit.assert (2.1)
    xunit.core (2.1)
      xunit.extensibility.core (2.1)
      xunit.extensibility.execution (2.1)
    xunit.extensibility.core (2.1)
      xunit.abstractions (2.0)
    xunit.extensibility.execution (2.1)
      xunit.extensibility.core (2.1)
    xunit.runner.visualstudio (2.1)

GROUP Build
REDIRECTS: OFF
NUGET
  remote: https://www.nuget.org/api/v2
    FAKE (4.50)
